GIT
  remote: https://github.com/alces-software/commander
  revision: 4090e181cf280f228543e35ad21af219a6d2f626
  specs:
    commander (4.4.4.pre.alces2)
      highline (~> 1.7.2)

GEM
  remote: https://rubygems.org/
  specs:
    byebug (10.0.2)
    coderay (1.1.2)
    equatable (0.5.0)
    erubis (2.7.0)
    escape_utils (1.2.1)
    highline (1.7.10)
    method_source (0.9.2)
    necromancer (0.4.0)
    ox (2.10.0)
    pastel (0.7.2)
      equatable (~> 0.5.0)
      tty-color (~> 0.4.0)
    pry (0.12.2)
      coderay (~> 1.1.0)
      method_source (~> 0.9.0)
    pry-byebug (3.6.0)
      byebug (~> 10.0)
      pry (~> 0.10)
    require_all (2.0.0)
    rubyzip (1.2.2)
    timers (4.3.0)
    tty-color (0.4.3)
    tty-cursor (0.6.0)
    tty-editor (0.5.0)
      tty-prompt (~> 0.18)
      tty-which (~> 0.4)
    tty-prompt (0.18.1)
      necromancer (~> 0.4.0)
      pastel (~> 0.7.0)
      timers (~> 4.0)
      tty-cursor (~> 0.6.0)
      tty-reader (~> 0.5.0)
    tty-reader (0.5.0)
      tty-cursor (~> 0.6.0)
      tty-screen (~> 0.6.4)
      wisper (~> 2.0.0)
    tty-screen (0.6.5)
    tty-which (0.4.0)
    wisper (2.0.0)
    xmlhasher (1.0.4)
      escape_utils (~> 1.2)
      ox (~> 2.10.0)

PLATFORMS
  ruby

DEPENDENCIES
  commander!
  erubis
  pry
  pry-byebug
  require_all
  rubyzip
  tty-editor
  xmlhasher

BUNDLED WITH
   1.17.1
