GIT
  remote: git://github.com/alces-software/commander.git
  revision: 89523312cc16c5454d79b598bec05112ee529d5d
  tag: 4.4.4.alces3
  specs:
    commander (4.4.4.pre.alces2)
      highline (~> 1.7.2)

GIT
  remote: git://github.com/alces-software/nodeattr_utils.git
  revision: f5a390bd8701db67ee83284b0c4a900a97de2adf
  specs:
    nodeattr_utils (0.1.0)

GEM
  remote: https://rubygems.org/
  specs:
    equatable (0.5.0)
    erubis (2.7.0)
    escape_utils (1.2.1)
    highline (1.7.10)
    necromancer (0.4.0)
    ox (2.10.0)
    paint (2.1.0)
    pastel (0.7.2)
      equatable (~> 0.5.0)
      tty-color (~> 0.4.0)
    recursive-open-struct (1.1.0)
    rubyzip (1.2.2)
    timers (4.3.0)
    tty-color (0.4.3)
    tty-cursor (0.6.0)
    tty-editor (0.5.0)
      tty-prompt (~> 0.18)
      tty-which (~> 0.4)
    tty-prompt (0.18.1)
      necromancer (~> 0.4.0)
      pastel (~> 0.7.0)
      timers (~> 4.0)
      tty-cursor (~> 0.6.0)
      tty-reader (~> 0.5.0)
    tty-reader (0.5.0)
      tty-cursor (~> 0.6.0)
      tty-screen (~> 0.6.4)
      wisper (~> 2.0.0)
    tty-screen (0.6.5)
    tty-which (0.4.0)
    wisper (2.0.0)
    xmlhasher (1.0.4)
      escape_utils (~> 1.2)
      ox (~> 2.10.0)

PLATFORMS
  ruby

DEPENDENCIES
  commander!
  erubis
  nodeattr_utils!
  paint
  recursive-open-struct
  rubyzip
  tty-editor
  tty-prompt
  xmlhasher

BUNDLED WITH
   1.17.1
