GEM
  remote: https://rubygems.org/
  specs:
    byebug (10.0.2)
    coderay (1.1.2)
    lshw (0.1.1)
      nokogiri (~> 1.6)
    method_source (0.9.2)
    mini_portile2 (2.3.0)
    nokogiri (1.8.5)
      mini_portile2 (~> 2.3.0)
    pry (0.12.2)
      coderay (~> 1.1.0)
      method_source (~> 0.9.0)
    pry-byebug (3.6.0)
      byebug (~> 10.0)
      pry (~> 0.10)
    rubyzip (1.2.2)

PLATFORMS
  ruby

DEPENDENCIES
  lshw
  pry
  pry-byebug
  rubyzip

BUNDLED WITH
   1.17.1
