GIT
  remote: https://github.com/alces-software/commander
  revision: 4090e181cf280f228543e35ad21af219a6d2f626
  specs:
    commander (4.4.4.pre.alces2)
      highline (~> 1.7.2)

GEM
  remote: https://rubygems.org/
  specs:
    byebug (10.0.2)
    coderay (1.1.2)
    erubis (2.7.0)
    escape_utils (1.2.1)
    highline (1.7.10)
    method_source (0.9.2)
    ox (2.10.0)
    pry (0.12.2)
      coderay (~> 1.1.0)
      method_source (~> 0.9.0)
    pry-byebug (3.6.0)
      byebug (~> 10.0)
      pry (~> 0.10)
    require_all (2.0.0)
    rubyzip (1.2.2)
    xmlhasher (1.0.4)
      escape_utils (~> 1.2)
      ox (~> 2.10.0)

PLATFORMS
  ruby

DEPENDENCIES
  commander!
  erubis
  pry
  pry-byebug
  require_all
  rubyzip
  xmlhasher

BUNDLED WITH
   1.17.1
