GEM
  remote: https://rubygems.org/
  specs:
    byebug (10.0.2)
    coderay (1.1.2)
    commander (4.4.7)
      highline (~> 2.0.0)
    erubis (2.7.0)
    escape_utils (1.2.1)
    highline (2.0.0)
    method_source (0.9.2)
    ox (2.10.0)
    pry (0.12.2)
      coderay (~> 1.1.0)
      method_source (~> 0.9.0)
    pry-byebug (3.6.0)
      byebug (~> 10.0)
      pry (~> 0.10)
    rubyzip (1.2.2)
    xmlhasher (1.0.4)
      escape_utils (~> 1.2)
      ox (~> 2.10.0)

PLATFORMS
  ruby

DEPENDENCIES
  commander
  erubis
  pry
  pry-byebug
  rubyzip
  xmlhasher

BUNDLED WITH
   1.17.1
